PATH
  remote: .
  specs:
    et_full_system (1.0.0.pre49)
      aws-sdk-s3 (~> 1.9)
      azure-storage (~> 0.15.0.preview)
      dotenv (~> 2.7, >= 2.7.2)
      et_fake_acas_server (~> 0.1)
      et_fake_ccd (~> 0.1)
      httparty (~> 0.16)
      thor (~> 0.20)

GEM
  remote: https://rubygems.org/
  specs:
    activemodel (5.2.4.1)
      activesupport (= 5.2.4.1)
    activesupport (5.2.4.1)
      concurrent-ruby (~> 1.0, >= 1.0.2)
      i18n (>= 0.7, < 2)
      minitest (~> 5.1)
      tzinfo (~> 1.1)
    addressable (2.7.0)
      public_suffix (>= 2.0.2, < 5.0)
    aws-eventstream (1.0.3)
    aws-partitions (1.266.0)
    aws-sdk-core (3.89.1)
      aws-eventstream (~> 1.0, >= 1.0.2)
      aws-partitions (~> 1, >= 1.239.0)
      aws-sigv4 (~> 1.1)
      jmespath (~> 1.0)
    aws-sdk-kms (1.27.0)
      aws-sdk-core (~> 3, >= 3.71.0)
      aws-sigv4 (~> 1.1)
    aws-sdk-s3 (1.60.1)
      aws-sdk-core (~> 3, >= 3.83.0)
      aws-sdk-kms (~> 1)
      aws-sigv4 (~> 1.1)
    aws-sigv4 (1.1.0)
      aws-eventstream (~> 1.0, >= 1.0.2)
    azure-core (0.1.15)
      faraday (~> 0.9)
      faraday_middleware (~> 0.10)
      nokogiri (~> 1.6)
    azure-storage (0.15.0.preview)
      azure-core (~> 0.1)
      faraday (~> 0.9)
      faraday_middleware (~> 0.10)
      nokogiri (~> 1.6, >= 1.6.8)
    backports (3.15.0)
    concurrent-ruby (1.1.5)
    dotenv (2.7.5)
    et_fake_acas_server (0.1.6)
      activesupport (~> 5.2)
      nokogiri (~> 1.8, >= 1.8.2)
      puma (~> 3.12)
      ruby-mcrypt (~> 0.2)
      sinatra (~> 2.0, >= 2.0.3)
      sinatra-contrib (~> 2.0)
    et_fake_ccd (0.1.39)
      activemodel (>= 5.2.3)
      iodine (~> 0.7)
      json-schema (~> 2.5)
      roda (~> 3.21)
      rotp (~> 5.1)
      thor (~> 0.20.3)
      tilt (~> 2.0, >= 2.0.9)
    faraday (0.17.3)
      multipart-post (>= 1.2, < 3)
    faraday_middleware (0.14.0)
      faraday (>= 0.7.4, < 1.0)
    httparty (0.17.3)
      mime-types (~> 3.0)
      multi_xml (>= 0.5.2)
    i18n (1.8.2)
      concurrent-ruby (~> 1.0)
    iodine (0.7.38)
    jmespath (1.4.0)
    json-schema (2.8.1)
      addressable (>= 2.4)
    mime-types (3.3.1)
      mime-types-data (~> 3.2015)
    mime-types-data (3.2019.1009)
    mini_portile2 (2.4.0)
    minitest (5.14.0)
    multi_json (1.14.1)
    multi_xml (0.6.0)
    multipart-post (2.1.1)
    mustermann (1.1.1)
      ruby2_keywords (~> 0.0.1)
    nokogiri (1.10.7)
      mini_portile2 (~> 2.4.0)
    public_suffix (4.0.3)
    puma (3.12.2)
    rack (2.1.1)
    rack-protection (2.0.8.1)
      rack
    rake (10.5.0)
    roda (3.28.0)
      rack
    rotp (5.1.0)
      addressable (~> 2.5)
    ruby-mcrypt (0.2.0)
    ruby2_keywords (0.0.2)
    sinatra (2.0.8.1)
      mustermann (~> 1.0)
      rack (~> 2.0)
      rack-protection (= 2.0.8.1)
      tilt (~> 2.0)
    sinatra-contrib (2.0.8.1)
      backports (>= 2.8.2)
      multi_json
      mustermann (~> 1.0)
      rack-protection (= 2.0.8.1)
      sinatra (= 2.0.8.1)
      tilt (~> 2.0)
    thor (0.20.3)
    thread_safe (0.3.6)
    tilt (2.0.10)
    tzinfo (1.2.6)
      thread_safe (~> 0.1)

PLATFORMS
  ruby

DEPENDENCIES
  et_full_system!
  rake (~> 10.0)

BUNDLED WITH
   1.17.3
