PATH
  remote: .
  specs:
    et_full_system (7.0.2)
      azure-storage (~> 0.15.0.preview)
      dotenv (~> 2.7, >= 2.7.2)
      et_fake_ccd (~> 1.0)
      gov_fake_notify (~> 1.1)
      httparty (~> 0.16)
      thor (~> 1.0)

GEM
  remote: https://rubygems.org/
  specs:
    activemodel (6.1.7)
      activesupport (= 6.1.7)
    activesupport (6.1.7)
      concurrent-ruby (~> 1.0, >= 1.0.2)
      i18n (>= 1.6, < 2)
      minitest (>= 5.1)
      tzinfo (~> 2.0)
      zeitwerk (~> 2.3)
    addressable (2.8.1)
      public_suffix (>= 2.0.2, < 6.0)
    azure-core (0.1.15)
      faraday (~> 0.9)
      faraday_middleware (~> 0.10)
      nokogiri (~> 1.6)
    azure-storage (0.15.0.preview)
      azure-core (~> 0.1)
      faraday (~> 0.9)
      faraday_middleware (~> 0.10)
      nokogiri (~> 1.6, >= 1.6.8)
    concurrent-ruby (1.1.10)
    date (3.3.3)
    dotenv (2.8.1)
    et_fake_ccd (1.1.11)
      activemodel (~> 6.1)
      iodine (~> 0.7)
      json-schema (~> 2.5)
      roda (~> 3.21)
      roda-enhanced_logger (~> 0.4.0)
      rotp (~> 6.2)
      thor (~> 1.0)
      tilt (~> 2.0, >= 2.0.9)
    faraday (0.17.6)
      multipart-post (>= 1.2, < 3)
    faraday_middleware (0.14.0)
      faraday (>= 0.7.4, < 1.0)
    gov_fake_notify (1.2.0)
      activemodel (>= 6.1)
      iodine (~> 0.7)
      jwt (~> 2.2, >= 2.2.3)
      mail (~> 2.7, >= 2.7.1)
      roda (~> 3.48)
      thor (~> 1.1)
      tilt (~> 2.0, >= 2.0.10)
    httparty (0.21.0)
      mini_mime (>= 1.0.0)
      multi_xml (>= 0.5.2)
    i18n (1.12.0)
      concurrent-ruby (~> 1.0)
    iodine (0.7.52)
    json-schema (2.8.1)
      addressable (>= 2.4)
    jwt (2.6.0)
    mail (2.8.0)
      mini_mime (>= 0.1.1)
      net-imap
      net-pop
      net-smtp
    mini_mime (1.1.2)
    mini_portile2 (2.8.1)
    minitest (5.17.0)
    multi_xml (0.6.0)
    multipart-post (2.2.3)
    net-imap (0.3.4)
      date
      net-protocol
    net-pop (0.1.2)
      net-protocol
    net-protocol (0.2.1)
      timeout
    net-smtp (0.3.3)
      net-protocol
    nokogiri (1.13.10)
      mini_portile2 (~> 2.8.0)
      racc (~> 1.4)
    pastel (0.8.0)
      tty-color (~> 0.5)
    public_suffix (5.0.1)
    racc (1.6.2)
    rack (3.0.3)
    rake (13.0.1)
    roda (3.63.0)
      rack
    roda-enhanced_logger (0.4.0)
      roda (>= 3.19.0)
      tty-logger (>= 0.3, < 1.0)
    rotp (6.2.2)
    thor (1.2.1)
    tilt (2.0.11)
    timeout (0.3.1)
    tty-color (0.6.0)
    tty-logger (0.6.0)
      pastel (~> 0.8)
    tzinfo (2.0.5)
      concurrent-ruby (~> 1.0)
    zeitwerk (2.6.6)

PLATFORMS
  ruby

DEPENDENCIES
  et_full_system!
  rake (~> 13.0)

BUNDLED WITH
   1.17.3
